PATH
  remote: .
  specs:
    fastsheet (0.0.4)
      thermite (~> 0.12.1)

GEM
  remote: https://rubygems.org/
  specs:
    coderay (1.1.2)
    equatable (0.5.0)
    method_source (0.8.2)
    minitar (0.6.1)
    necromancer (0.4.0)
    pastel (0.7.1)
      equatable (~> 0.5.0)
      tty-color (~> 0.4.0)
    pry (0.10.4)
      coderay (~> 1.1.0)
      method_source (~> 0.8.1)
      slop (~> 3.4)
    rake (10.5.0)
    slop (3.6.0)
    thermite (0.12.1)
      minitar (~> 0.5)
      rake (>= 10)
      tomlrb (~> 1.2)
    tomlrb (1.2.4)
    tty-color (0.4.2)
    tty-cursor (0.5.0)
    tty-screen (0.5.0)
    tty-spinner (0.7.0)
      tty-cursor (>= 0.5.0)
    tty-table (0.8.0)
      equatable (~> 0.5.0)
      necromancer (~> 0.4.0)
      pastel (~> 0.7.0)
      tty-screen (~> 0.5.0)
      unicode-display_width (~> 1.1.0)
      verse (~> 0.5.0)
    unicode-display_width (1.1.3)
    unicode_utils (1.4.0)
    verse (0.5.0)
      unicode-display_width (~> 1.1.0)
      unicode_utils (~> 1.4.0)

PLATFORMS
  ruby

DEPENDENCIES
  bundler (~> 1.15)
  fastsheet!
  pry (~> 0.10.4)
  rake (~> 10.0)
  tty-spinner (~> 0.7.0)
  tty-table (~> 0.8.0)

BUNDLED WITH
   1.15.3
